
type = string-attribute
name = HISTORY_NOTE
count = 294
'[xl872@yulab2: Mon Nov 24 15:34:05 2025] to3d -omri -prefix 20251123Na.86.an200epi -session /home/xl872/Documents/mouse_data/20251123Na/200_proc/M1T2/ -view orig -xFOV 6.00R-L -yFOV 4.50S-I -zFOV 4.50A-P -skip_outliers 3D:0:0:16:12:12:/home/xl872/Documents/raw_data/20251123Na/86/pdata/1/2dseq~

type = string-attribute
name = TYPESTRING
count = 15
'3DIM_HEAD_ANAT~

type = string-attribute
name = IDCODE_STRING
count = 27
'XYZ_UGrqljgMX6NODrAtQhWctw~

type = string-attribute
name = IDCODE_DATE
count = 25
'Mon Nov 24 15:34:05 2025~

type = integer-attribute
name = SCENE_DATA
count = 8
 0 10 0 -999 -999
 -999 -999 -999

type = string-attribute
name = LABEL_1
count = 28
'20251123Na.86.an200epi+orig~

type = string-attribute
name = LABEL_2
count = 7
'Viggo!~

type = string-attribute
name = DATASET_NAME
count = 86
'/home/xl872/Documents/mouse_data/20251123Na/200_proc/M1T2/20251123Na.86.an200epi+orig~

type = integer-attribute
name = ORIENT_SPECIFIC
count = 3
 0 5 3

type  = float-attribute
name  = ORIGIN
count = 3
         -5.625          4.125         -4.125

type  = float-attribute
name  = DELTA
count = 3
           0.75          -0.75           0.75

type  = float-attribute
name  = IJK_TO_DICOM
count = 12
         0.9375         0.9375         0.9375           -360              0
              0              0              0              0              0
              0              0

type  = float-attribute
name  = IJK_TO_DICOM_REAL
count = 12
           0.75              0              0         -5.625              0
              0           0.75         -4.125              0          -0.75
              0          4.125

type  = float-attribute
name  = MARKS_XYZ
count = 30
        -999999        -999999        -999999        -999999        -999999
        -999999        -999999        -999999        -999999        -999999
        -999999        -999999        -999999        -999999        -999999
        -999999        -999999        -999999        -999999        -999999
        -999999        -999999        -999999        -999999        -999999
        -999999        -999999        -999999        -999999        -999999

type = string-attribute
name = MARKS_LAB
count = 200
'AC superior edge~~~~AC posterior margin~PC inferior edge~~~~First mid-sag pt~~~~Another mid-sag pt~~~~~~~~~~~~~~~~~~~~~~~~~~~~~~~~~~~~~~~~~~~~~~~~~~~~~~~~~~~~~~~~~~~~~~~~~~~~~~~~~~~~~~~~~~~~~~~~~~~~~~

type = string-attribute
name = MARKS_HELP
count = 2560
'This is the uppermost point
on the anterior commisure,
in the mid-sagittal plane.~~~~~~~~~~~~~~~~~~~~~~~~~~~~~~~~~~~~~~~~~~~~~~~~~~~~~~~~~~~~~~~~~~~~~~~~~~~~~~~~~~~~~~~~~~~~~~~~~~~~~~~~~~~~~~~~~~~~~~~~~~~~~~~~~~~~~~~~~~~~~~~~~~~~~~~~~~~~~~~~~~~~~~~~~~~~~~~This is the rearmost point
on the anterior commisure,
in the mid-sagittal plane.
[Just a couple mm behind and
 below the AC superior edge.]~~~~~~~~~~~~~~~~~~~~~~~~~~~~~~~~~~~~~~~~~~~~~~~~~~~~~~~~~~~~~~~~~~~~~~~~~~~~~~~~~~~~~~~~~~~~~~~~~~~~~~~~~~~~~~~~~~~~~This is the bottommost point
on the posterior commissure,
in the mid-sagittal plane.~~~~~~~~~~~~~~~~~~~~~~~~~~~~~~~~~~~~~~~~~~~~~~~~~~~~~~~~~~~~~~~~~~~~~~~~~~~~~~~~~~~~~~~~~~~~~~~~~~~~~~~~~~~~~~~~~~~~~~~~~~~~~~~~~~~~~~~~~~~~~~~~~~~~~~~~~~~~~~~~~~~~~~~~~~~~You must also specify two other points in the
mid-sagittal plane, ABOVE the corpus callosum
(i.e., in the longitudinal fissure).  These
points are needed to define the vertical plane.~~~~~~~~~~~~~~~~~~~~~~~~~~~~~~~~~~~~~~~~~~~~~~~~~~~~~~~~~~~~~~~~~~~~~~~~~You must also specify two other points in the
mid-sagittal plane, ABOVE the corpus callosum
(i.e., in the longitudinal fissure).  These
points are needed to define the vertical plane.~~~~~~~~~~~~~~~~~~~~~~~~~~~~~~~~~~~~~~~~~~~~~~~~~~~~~~~~~~~~~~~~~~~~~~~~~~~~~~~~~~~~~~~~~~~~~~~~~~~~~~~~~~~~~~~~~~~~~~~~~~~~~~~~~~~~~~~~~~~~~~~~~~~~~~~~~~~~~~~~~~~~~~~~~~~~~~~~~~~~~~~~~~~~~~~~~~~~~~~~~~~~~~~~~~~~~~~~~~~~~~~~~~~~~~~~~~~~~~~~~~~~~~~~~~~~~~~~~~~~~~~~~~~~~~~~~~~~~~~~~~~~~~~~~~~~~~~~~~~~~~~~~~~~~~~~~~~~~~~~~~~~~~~~~~~~~~~~~~~~~~~~~~~~~~~~~~~~~~~~~~~~~~~~~~~~~~~~~~~~~~~~~~~~~~~~~~~~~~~~~~~~~~~~~~~~~~~~~~~~~~~~~~~~~~~~~~~~~~~~~~~~~~~~~~~~~~~~~~~~~~~~~~~~~~~~~~~~~~~~~~~~~~~~~~~~~~~~~~~~~~~~~~~~~~~~~~~~~~~~~~~~~~~~~~~~~~~~~~~~~~~~~~~~~~~~~~~~~~~~~~~~~~~~~~~~~~~~~~~~~~~~~~~~~~~~~~~~~~~~~~~~~~~~~~~~~~~~~~~~~~~~~~~~~~~~~~~~~~~~~~~~~~~~~~~~~~~~~~~~~~~~~~~~~~~~~~~~~~~~~~~~~~~~~~~~~~~~~~~~~~~~~~~~~~~~~~~~~~~~~~~~~~~~~~~~~~~~~~~~~~~~~~~~~~~~~~~~~~~~~~~~~~~~~~~~~~~~~~~~~~~~~~~~~~~~~~~~~~~~~~~~~~~~~~~~~~~~~~~~~~~~~~~~~~~~~~~~~~~~~~~~~~~~~~~~~~~~~~~~~~~~~~~~~~~~~~~~~~~~~~~~~~~~~~~~~~~~~~~~~~~~~~~~~~~~~~~~~~~~~~~~~~~~~~~~~~~~~~~~~~~~~~~~~~~~~~~~~~~~~~~~~~~~~~~~~~~~~~~~~~~~~~~~~~~~~~~~~~~~~~~~~~~~~~~~~~~~~~~~~~~~~~~~~~~~~~~~~~~~~~~~~~~~~~~~~~~~~~~~~~~~~~~~~~~~~~~~~~~~~~~~~~~~~~~~~~~~~~~~~~~~~~~~~~~~~~~~~~~~~~~~~~~~~~~~~~~~~~~~~~~~~~~~~~~~~~~~~~~~~~~~~~~~~~~~~~~~~~~~~~~~~~~~~~~~~~~~~~~~~~~~~~~~~~~~~~~~~~~~~~~~~~~~~~~~~~~~~~~~~~~~~~~~~~~~~~~~~~~~~~~~~~~~~~~~~~~~~~~~~~~~~~~~~~~~~~~~~~~~~~~~~~~~~~~~~~~~~~~~~~~~~~~~~~~~~~~~~~~~~~~~~~~~~~~~~

type = integer-attribute
name = MARKS_FLAGS
count = 8
 1 1 0 0 0
 0 0 0

type  = float-attribute
name  = BRICK_STATS
count = 2
            264          32766

type = integer-attribute
name = DATASET_RANK
count = 8
 3 1 0 0 0
 0 0 0

type = integer-attribute
name = DATASET_DIMENSIONS
count = 5
 16 12 12 0 0

type = integer-attribute
name = BRICK_TYPES
count = 1
 1

type  = float-attribute
name  = BRICK_FLOAT_FACS
count = 1
              0

type = string-attribute
name = TEMPLATE_SPACE
count = 5
'ORIG~

type = integer-attribute
name = INT_CMAP
count = 1
 0

type = string-attribute
name = BYTEORDER_STRING
count = 10
'LSB_FIRST~
